GEM
  remote: https://rubygems.org/
  specs:
    builder (3.2.2)
    eeepub (0.8.1)
      builder
      rubyzip
    mini_portile2 (2.0.0)
    nokogiri (1.6.7.2)
      mini_portile2 (~> 2.0.0.rc2)
    open_uri_redirections (0.2.1)
    rubyzip (1.2.0)
    zip-zip (0.3)
      rubyzip (>= 1.0.0)

PLATFORMS
  ruby

DEPENDENCIES
  eeepub
  nokogiri
  open_uri_redirections
  zip-zip

BUNDLED WITH
   1.11.2
